GIT
  remote: git://github.com/fortitude/fortitude-sass.git
  revision: 2ebb839116a724de96ec663e24f34cc9f1ff2eca
  specs:
    fortitude-sass (0.8.0)
      autoprefixer-rails
      execjs
      sass (~> 3.3)
      thor

GIT
  remote: git://github.com/trulia/hologram.git
  revision: f6be634f3e32d9dbaf80c306154bb8fe70e70b34
  specs:
    hologram (1.4.0)
      redcarpet (>= 2.2, < 4.0)
      rouge (>= 1.5)

GEM
  remote: https://rubygems.org/
  specs:
    autoprefixer-rails (5.1.11)
      execjs
      json
    chunky_png (1.3.4)
    compass (1.0.3)
      chunky_png (~> 1.2)
      compass-core (~> 1.0.2)
      compass-import-once (~> 1.0.5)
      rb-fsevent (>= 0.9.3)
      rb-inotify (>= 0.9)
      sass (>= 3.3.13, < 3.5)
    compass-core (1.0.3)
      multi_json (~> 1.0)
      sass (>= 3.3.0, < 3.5)
    compass-import-once (1.0.5)
      sass (>= 3.2, < 3.5)
    execjs (2.5.2)
    ffi (1.9.8)
    font-awesome-sass (4.3.2.1)
      sass (~> 3.2)
    json (1.8.2)
    multi_json (1.11.0)
    rb-fsevent (0.9.4)
    rb-inotify (0.9.5)
      ffi (>= 0.5.0)
    redcarpet (3.2.3)
    rouge (1.8.0)
    sass (3.4.13)
    thor (0.19.1)

PLATFORMS
  ruby

DEPENDENCIES
  autoprefixer-rails
  compass
  font-awesome-sass
  fortitude-sass!
  hologram!
